GEM
  remote: https://rubygems.org/
  specs:
    RedCloth (4.2.9)
    ast (2.4.0)
    coderay (1.1.2)
    diff-lcs (1.3)
    gimli (0.5.9)
      RedCloth (~> 4.2.7)
      coderay (~> 1.1)
      github-markup (~> 1.3)
      nokogiri (~> 1.6.3)
      optiflag (~> 0.7)
      redcarpet (~> 3.2)
      wkhtmltopdf-binary (~> 0.9.9.3)
    github-markup (1.7.0)
    mini_portile2 (2.1.0)
    nokogiri (1.6.8.1)
      mini_portile2 (~> 2.1.0)
    optiflag (0.7)
    parallel (1.12.1)
    parser (2.5.0.4)
      ast (~> 2.4.0)
    powerpack (0.1.1)
    rainbow (3.0.0)
    rake (12.3.0)
    redcarpet (3.4.0)
    rspec (3.7.0)
      rspec-core (~> 3.7.0)
      rspec-expectations (~> 3.7.0)
      rspec-mocks (~> 3.7.0)
    rspec-core (3.7.1)
      rspec-support (~> 3.7.0)
    rspec-expectations (3.7.0)
      diff-lcs (>= 1.2.0, < 2.0)
      rspec-support (~> 3.7.0)
    rspec-mocks (3.7.0)
      diff-lcs (>= 1.2.0, < 2.0)
      rspec-support (~> 3.7.0)
    rspec-support (3.7.1)
    rubocop (0.53.0)
      parallel (~> 1.10)
      parser (>= 2.5)
      powerpack (~> 0.1)
      rainbow (>= 2.2.2, < 4.0)
      ruby-progressbar (~> 1.7)
      unicode-display_width (~> 1.0, >= 1.0.1)
    ruby-progressbar (1.9.0)
    unicode-display_width (1.3.0)
    wkhtmltopdf-binary (0.9.9.3)

PLATFORMS
  ruby

DEPENDENCIES
  gimli
  rake
  rspec
  rubocop

RUBY VERSION
   ruby 2.4.2p198

BUNDLED WITH
   1.16.1
